GEM
  remote: https://rubygems.org/
  specs:
    addressable (2.8.7)
      public_suffix (>= 2.0.2, < 7.0)
    base64 (0.2.0)
    domain_name (0.6.20240107)
    dotenv (3.1.7)
    ffi (1.17.1)
    ffi (1.17.1-arm64-darwin)
    ffi-compiler (1.3.2)
      ffi (>= 1.15.5)
      rake
    http (5.2.0)
      addressable (~> 2.8)
      base64 (~> 0.1)
      http-cookie (~> 1.0)
      http-form_data (~> 2.2)
      llhttp-ffi (~> 0.5.0)
    http-cookie (1.0.8)
      domain_name (~> 0.5)
    http-form_data (2.3.0)
    json (2.9.1)
    llhttp-ffi (0.5.0)
      ffi-compiler (~> 1.0)
      rake (~> 13.0)
    logger (1.6.5)
    mustermann (3.0.3)
      ruby2_keywords (~> 0.0.1)
    nio4r (2.7.4)
    public_suffix (6.0.1)
    puma (6.5.0)
      nio4r (~> 2.0)
    rack (3.1.8)
    rack-protection (4.1.1)
      base64 (>= 0.1.0)
      logger (>= 1.6.0)
      rack (>= 3.0.0, < 4)
    rack-session (2.1.0)
      base64 (>= 0.1.0)
      rack (>= 3.0.0)
    rackup (2.2.1)
      rack (>= 3)
    rake (13.2.1)
    ruby2_keywords (0.0.5)
    sinatra (4.1.1)
      logger (>= 1.6.0)
      mustermann (~> 3.0)
      rack (>= 3.0.0, < 4)
      rack-protection (= 4.1.1)
      rack-session (>= 2.0.0, < 3)
      tilt (~> 2.0)
    sinatra-cors (1.2.0)
    tilt (2.6.0)

PLATFORMS
  arm64-darwin-23
  ruby

DEPENDENCIES
  dotenv
  http
  json
  puma (~> 6.5)
  rackup (~> 2.2)
  sinatra
  sinatra-cors

BUNDLED WITH
   2.5.11
